GEM
  remote: https://rubygems.org/
  specs:
    activesupport (5.2.3)
      concurrent-ruby (~> 1.0, >= 1.0.2)
      i18n (>= 0.7, < 2)
      minitest (~> 5.1)
      tzinfo (~> 1.1)
    async (1.19.0)
      console (~> 1.0)
      nio4r (~> 2.3)
      timers (~> 4.1)
    async-http (0.46.2)
      async (~> 1.19)
      async-io (~> 1.18)
      protocol-http (~> 0.8.0)
      protocol-http1 (~> 0.8.0)
      protocol-http2 (~> 0.8.0)
    async-io (1.23.1)
      async (~> 1.14)
    async-websocket (0.13.0)
      async-http (~> 0.43)
      async-io (~> 1.23)
      protocol-websocket (~> 0.7.0)
    bimyou_segmenter (1.2.0)
    concurrent-ruby (1.1.5)
    console (1.4.0)
    dotenv (2.7.4)
    faraday (0.15.4)
      multipart-post (>= 1.2, < 3)
    faraday_middleware (0.13.1)
      faraday (>= 0.7.4, < 1.0)
    gli (2.18.0)
    hashie (3.6.0)
    i18n (1.6.0)
      concurrent-ruby (~> 1.0)
    minitest (5.11.3)
    multipart-post (2.1.1)
    nio4r (2.3.1)
    protocol-hpack (1.4.1)
    protocol-http (0.8.1)
    protocol-http1 (0.8.2)
      protocol-http (~> 0.5)
    protocol-http2 (0.8.2)
      protocol-hpack (~> 1.4)
      protocol-http (~> 0.2)
    protocol-websocket (0.7.2)
      protocol-http (~> 0.2)
      protocol-http1 (~> 0.2)
    slack-ruby-client (0.14.2)
      activesupport
      faraday (>= 0.9)
      faraday_middleware
      gli
      hashie
      websocket-driver
    thread_safe (0.3.6)
    timers (4.3.0)
    tzinfo (1.2.5)
      thread_safe (~> 0.1)
    websocket-driver (0.7.1)
      websocket-extensions (>= 0.1.0)
    websocket-extensions (0.1.4)

PLATFORMS
  ruby

DEPENDENCIES
  async-websocket
  bimyou_segmenter
  dotenv
  slack-ruby-client

BUNDLED WITH
   1.17.3
